PATH
  remote: .
  specs:
    hogan_assets (1.6.0)
      execjs (>= 1.2.9)
      sprockets (>= 2.0.3)
      tilt (>= 1.3.3)

GEM
  remote: https://rubygems.org/
  specs:
    columnize (0.3.6)
    concurrent-ruby (1.1.5)
    debugger (1.3.0)
      columnize (>= 0.3.1)
      debugger-linecache (~> 1.1.1)
      debugger-ruby_core_source (~> 1.1.7)
    debugger-linecache (1.1.2)
      debugger-ruby_core_source (>= 1.1.1)
    debugger-ruby_core_source (1.1.7)
    execjs (1.4.0)
      multi_json (~> 1.0)
    haml (3.1.6)
    multi_json (1.14.1)
    rack (2.0.8)
    slim (1.3.4)
      temple (~> 0.5.5)
      tilt (~> 1.3.3)
    sprockets (4.0.0)
      concurrent-ruby (~> 1.0)
      rack (> 1, < 3)
    temple (0.5.5)
    tilt (1.3.7)

PLATFORMS
  ruby

DEPENDENCIES
  debugger
  haml
  hogan_assets!
  slim
