PATH
  remote: .
  specs:
    hogan_assets (1.7.1)
      execjs (>= 1.2.9)
      rack (< 3.0)
      sprockets (>= 2.0.3)
      tilt (>= 1.3.3)

GEM
  remote: https://rubygems.org/
  specs:
    concurrent-ruby (1.2.3)
    execjs (2.9.1)
    haml (5.2.2)
      temple (>= 0.8.0)
      tilt
    rack (2.2.8.1)
    slim (5.2.1)
      temple (~> 0.10.0)
      tilt (>= 2.1.0)
    sprockets (4.2.1)
      concurrent-ruby (~> 1.0)
      rack (>= 2.2.4, < 4)
    temple (0.10.3)
    tilt (2.3.0)

PLATFORMS
  ruby

DEPENDENCIES
  haml (~> 5.0)
  hogan_assets!
  slim (~> 5.0)

BUNDLED WITH
   2.1.4
