PATH
  remote: .
  specs:
    hogan_assets (1.7.1)
      execjs (>= 1.2.9)
      sprockets (>= 2.0.3)
      tilt (>= 1.3.3)

GEM
  remote: https://rubygems.org/
  specs:
    concurrent-ruby (1.1.5)
    execjs (2.7.0)
    haml (3.1.6)
    rack (2.2.3.1)
    slim (1.3.4)
      temple (~> 0.5.5)
      tilt (~> 1.3.3)
    sprockets (3.7.2)
      concurrent-ruby (~> 1.0)
      rack (> 1, < 3)
    temple (0.5.5)
    tilt (1.3.3)

PLATFORMS
  ruby

DEPENDENCIES
  haml
  hogan_assets!
  slim

BUNDLED WITH
   2.1.4
